GEM
  remote: https://rubygems.org/
  specs:
    mysql2 (0.5.3)

PLATFORMS
  ruby

DEPENDENCIES
  mysql2 (~> 0.5.3)

BUNDLED WITH
   2.1.4
